GEM
  remote: https://rubygems.org/
  specs:
    domain_name (0.5.20190701)
      unf (>= 0.0.5, < 1.0.0)
    http-cookie (1.0.4)
      domain_name (~> 0.5)
    mime-types (2.99.3)
    netrc (0.11.0)
    nokogiri (1.11.7-java)
      racc (~> 1.4)
    racc (1.5.2-java)
    rest-client (1.8.0)
      http-cookie (>= 1.0.2, < 2.0)
      mime-types (>= 1.16, < 3.0)
      netrc (~> 0.7)
    unf (0.1.4-java)

PLATFORMS
  universal-java-11

DEPENDENCIES
  nokogiri
  rest-client (~> 1.8)

BUNDLED WITH
   2.2.21
